GIT
  remote: https://github.com/UriShX/jekyll-remote-include.git
  revision: 39ae1a1744c8837d5ee64b11c5f982304ea940e5
  branch: master
  specs:
    jekyll-remote-include (1.0.2)

GEM
  remote: https://rubygems.org/
  specs:
    addressable (2.8.7)
      public_suffix (>= 2.0.2, < 7.0)
    base64 (0.2.0)
    bulma-clean-theme (0.14.0)
      jekyll (>= 3.9, < 5.0)
      jekyll-feed (~> 0.15)
      jekyll-paginate (~> 1.1)
      jekyll-seo-tag (~> 2.7)
      jekyll-sitemap (~> 1.4)
      kramdown-parser-gfm (~> 1.1)
    colorator (1.1.0)
    concurrent-ruby (1.3.4)
    domain_name (0.6.20240107)
    em-websocket (0.5.3)
      eventmachine (>= 0.12.9)
      http_parser.rb (~> 0)
    eventmachine (1.2.7)
    faraday (2.8.1)
      base64
      faraday-net_http (>= 2.0, < 3.1)
      ruby2_keywords (>= 0.0.4)
    faraday-cookie_jar (0.0.7)
      faraday (>= 0.8.0)
      http-cookie (~> 1.0.0)
    faraday-encoding (0.0.6)
      faraday
    faraday-follow_redirects (0.3.0)
      faraday (>= 1, < 3)
    faraday-gzip (1.0.0)
      faraday (>= 1.0)
      zlib (~> 2.1)
    faraday-http-cache (2.5.1)
      faraday (>= 0.8)
    faraday-net_http (3.0.2)
    faraday-retry (2.2.1)
      faraday (~> 2.0)
    fastimage (2.3.1)
    ffi (1.16.3)
    forwardable-extended (2.6.0)
    gemoji (3.0.1)
    http-cookie (1.0.7)
      domain_name (~> 0.5)
    http_parser.rb (0.8.0)
    i18n (0.9.5)
      concurrent-ruby (~> 1.0)
    jekyll (3.9.0)
      addressable (~> 2.4)
      colorator (~> 1.0)
      em-websocket (~> 0.5)
      i18n (~> 0.7)
      jekyll-sass-converter (~> 1.0)
      jekyll-watch (~> 2.0)
      kramdown (>= 1.17, < 3)
      liquid (~> 4.0)
      mercenary (~> 0.3.3)
      pathutil (~> 0.9)
      rouge (>= 1.7, < 4)
      safe_yaml (~> 1.0)
    jekyll-feed (0.17.0)
      jekyll (>= 3.7, < 5.0)
    jekyll-linkpreview (0.7.0)
      jekyll (>= 3.5, < 5.0)
      metainspector (~> 5.9)
    jekyll-paginate (1.1.0)
    jekyll-pdf-embed (1.1.3)
      jekyll
    jekyll-sass-converter (1.5.2)
      sass (~> 3.4)
    jekyll-seo-tag (2.8.0)
      jekyll (>= 3.8, < 5.0)
    jekyll-sitemap (1.4.0)
      jekyll (>= 3.7, < 5.0)
    jekyll-spaceship (0.10.2)
      gemoji (~> 3.0)
      jekyll (>= 3.6, < 5.0)
      nokogiri (~> 1.6)
      rainbow (~> 3.0)
    jekyll-tagories (0.1.0)
      jekyll (>= 3.7, < 5.0)
    jekyll-watch (2.2.1)
      listen (~> 3.0)
    kramdown (2.4.0)
      rexml
    kramdown-parser-gfm (1.1.0)
      kramdown (~> 2.0)
    liquid (4.0.4)
    listen (3.9.0)
      rb-fsevent (~> 0.10, >= 0.10.3)
      rb-inotify (~> 0.9, >= 0.9.10)
    mercenary (0.3.6)
    metainspector (5.15.0)
      addressable (~> 2.8.4)
      faraday (~> 2.5)
      faraday-cookie_jar (~> 0.0)
      faraday-encoding (~> 0.0)
      faraday-follow_redirects (~> 0.3)
      faraday-gzip (>= 0.1, < 2.0)
      faraday-http-cache (~> 2.5)
      faraday-retry (~> 2.0)
      fastimage (~> 2.2)
      nesty (~> 1.0)
      nokogiri (~> 1.13)
    mini_portile2 (2.8.7)
    nesty (1.0.2)
    nokogiri (1.15.6)
      mini_portile2 (~> 2.8.2)
      racc (~> 1.4)
    nokogiri (1.15.6-x86_64-linux)
      racc (~> 1.4)
    pathutil (0.16.2)
      forwardable-extended (~> 2.6)
    public_suffix (5.1.1)
    racc (1.8.1)
    rainbow (3.1.1)
    rb-fsevent (0.11.2)
    rb-inotify (0.11.1)
      ffi (~> 1.0)
    rexml (3.3.7)
    rouge (3.30.0)
    ruby2_keywords (0.0.5)
    safe_yaml (1.0.5)
    sass (3.7.4)
      sass-listen (~> 4.0.0)
    sass-listen (4.0.0)
      rb-fsevent (~> 0.9, >= 0.9.4)
      rb-inotify (~> 0.9, >= 0.9.7)
    wdm (0.1.1)
    webrick (1.8.1)
    zlib (2.1.1)

PLATFORMS
  ruby
  x86_64-linux

DEPENDENCIES
  bulma-clean-theme
  jekyll (= 3.9.0)
  jekyll-feed (~> 0.6)
  jekyll-linkpreview
  jekyll-paginate
  jekyll-pdf-embed
  jekyll-remote-include!
  jekyll-seo-tag
  jekyll-sitemap
  jekyll-spaceship
  jekyll-tagories
  kramdown-parser-gfm
  tzinfo-data
  wdm (~> 0.1.1)
  webrick (~> 1.8)

RUBY VERSION
   ruby 2.7.0p0

BUNDLED WITH
   2.4.19
